GEM
  remote: https://rubygems.org/
  specs:
    innate (2013.02.21)
      rack (~> 1.5.2)
    rack (1.5.2)
    rake (10.1.0)
    ramaze (2012.12.08)
      innate (>= 2012.12)
      rake
    sequel (4.2.0)
    sqlite3 (1.3.8)

PLATFORMS
  ruby

DEPENDENCIES
  ramaze
  sequel
  sqlite3
